ObjectType = Image
NDims = 3
BinaryData = True
BinaryDataByteOrderMSB = False
CompressedData = False
TransformMatrix = 1 0 0 0 1 0 0 0 1
Offset = 0 0 0
CenterOfRotation = 0 0 0
AnatomicalOrientation = RAI
ElementSpacing = 384 268.5 450
DimSize = 1 1 1
ElementType = MET_FLOAT
ElementDataFile = XCAT_phantom_HU.bin
